GEM
  remote: https://rubygems.org/
  specs:
    byebug (10.0.0)
    childprocess (0.9.0)
      ffi (~> 1.0, >= 1.0.11)
    ffi (1.9.23)
    rubyzip (1.2.1)
    selenium-webdriver (3.11.0)
      childprocess (~> 0.5)
      rubyzip (~> 1.2)

PLATFORMS
  ruby

DEPENDENCIES
  byebug
  selenium-webdriver

BUNDLED WITH
   1.16.1
